GEM
  remote: https://rubygems.org/
  specs:
    builder (3.2.2)
    css_press (0.3.2)
      csspool-st (= 3.1.2)
      json
    csspool-st (3.1.2)
    execjs (2.1.0)
    hike (1.2.3)
    html_press (0.8.2)
      htmlentities
      multi_css (>= 0.1.0)
      multi_js (>= 0.1.0)
    htmlentities (4.3.1)
    i18n (0.6.10)
    json (1.8.1)
    kgio (2.9.2)
    multi_css (0.1.0)
      css_press
    multi_js (0.1.0)
      uglifier (~> 2)
    multi_json (1.10.1)
    rack (1.5.2)
    raindrops (0.13.0)
    redcarpet (3.1.2)
    rouge (1.3.4)
    sass (3.3.7)
    sprockets (2.12.1)
      hike (~> 1.2)
      multi_json (~> 1.0)
      rack (~> 1.0)
      tilt (~> 1.1, != 1.3.0)
    thor (0.19.1)
    tilt (1.4.1)
    troy (0.0.23)
      builder
      html_press
      i18n
      rack
      redcarpet
      rouge
      sass
      sprockets (>= 2.8.0)
      thor
      uglifier
    uglifier (2.5.0)
      execjs (>= 0.3.0)
      json (>= 1.8.0)
    unicorn (4.8.3)
      kgio (~> 2.6)
      rack
      raindrops (~> 0.7)

PLATFORMS
  ruby

DEPENDENCIES
  rack
  troy
  unicorn
