GEM
  remote: https://rubygems.org/
  specs:
    awesome_print (1.6.1)
    builder (3.2.2)
    byebug (5.0.0)
      columnize (= 0.9.0)
    coderay (1.1.0)
    columnize (0.9.0)
    css_press (0.3.2)
      csspool-st (= 3.1.2)
      json
    csspool-st (3.1.2)
    execjs (2.5.2)
    html_press (0.8.2)
      htmlentities
      multi_css (>= 0.1.0)
      multi_js (>= 0.1.0)
    htmlentities (4.3.4)
    i18n (0.7.0)
    json (1.8.3)
    kgio (2.9.3)
    method_source (0.8.2)
    multi_css (0.1.0)
      css_press
    multi_js (0.1.0)
      uglifier (~> 2)
    pry (0.10.1)
      coderay (~> 1.1.0)
      method_source (~> 0.8.1)
      slop (~> 3.4)
    pry-byebug (3.2.0)
      byebug (~> 5.0)
      pry (~> 0.10)
    pry-meta (0.0.10)
      awesome_print
      pry
      pry-byebug
      pry-remote
    pry-remote (0.1.8)
      pry (~> 0.9)
      slop (~> 3.0)
    rack (1.6.4)
    raindrops (0.15.0)
    redcarpet (3.3.2)
    redcarpet-abbreviations (0.1.0)
    rouge (1.9.1)
    sass (3.4.16)
    sass-globbing (1.1.1)
      sass (>= 3.1)
    slop (3.6.0)
    sprockets (3.2.0)
      rack (~> 1.0)
    thor (0.19.1)
    troy (0.0.28)
      builder
      html_press
      i18n
      rack
      redcarpet
      redcarpet-abbreviations
      rouge
      sass
      sass-globbing
      sprockets (>= 2.8.0)
      thor
      uglifier
    uglifier (2.7.1)
      execjs (>= 0.3.0)
      json (>= 1.8.0)
    unicorn (4.9.0)
      kgio (~> 2.6)
      rack
      raindrops (~> 0.7)

PLATFORMS
  ruby

DEPENDENCIES
  pry-meta
  rack
  troy
  unicorn

BUNDLED WITH
   1.10.5
